GEM
  remote: https://rubygems.org/
  specs:
    archive-zip (0.12.0)
      io-like (~> 0.3.0)
    childprocess (1.0.1)
      rake (< 13.0)
    geckodriver-helper (0.23.0)
      archive-zip (~> 0.7)
    io-like (0.3.0)
    mini_portile2 (2.4.0)
    nokogiri (1.10.3)
      mini_portile2 (~> 2.4.0)
    rake (12.3.2)
    regexp_parser (1.5.1)
    rubyzip (1.2.3)
    selenium-webdriver (3.142.3)
      childprocess (>= 0.5, < 2.0)
      rubyzip (~> 1.2, >= 1.2.2)
    watir (6.16.5)
      regexp_parser (~> 1.2)
      selenium-webdriver (~> 3.6)
    webdrivers (4.0.0)
      nokogiri (~> 1.6)
      rubyzip (~> 1.0)
      selenium-webdriver (~> 3.0)

PLATFORMS
  ruby

DEPENDENCIES
  geckodriver-helper
  watir
  webdrivers (~> 4.0)

BUNDLED WITH
   2.1.0.pre.1
